GEM
  remote: https://rubygems.org/
  specs:
    CFPropertyList (2.3.6)
    claide (1.1.0)
    colored2 (3.1.2)
    nanaimo (0.2.6)
    xcodeproj (1.4.4)
      CFPropertyList (~> 2.3.3)
      claide (>= 1.0.1, < 2.0)
      colored2 (~> 3.1)
      nanaimo (~> 0.2.3)
    xcodeproj_setting (1.0.0)
      xcodeproj (~> 1.4.2)

PLATFORMS
  x86_64-darwin-20

DEPENDENCIES
  xcodeproj
  xcodeproj_setting

BUNDLED WITH
   2.3.10
